GEM
  specs:
    Ascii85 (1.0.3)
    afm (0.2.2)
    colorize (0.8.1)
    hashery (2.1.2)
    mini_portile2 (2.3.0)
    nokogiri (1.8.5)
      mini_portile2 (~> 2.3.0)
    origami (2.1.0)
      colorize (~> 0.7)
    pdf-parser (0.2.0)
      nokogiri
      origami
    pdf-reader (2.6.0)
      Ascii85 (~> 1.0)
      afm (~> 0.2.1)
      hashery (~> 2.0)
      ruby-rc4
      ttfunk
    ruby-rc4 (0.1.5)
    ttfunk (1.5.1)

PLATFORMS
  ruby

DEPENDENCIES
  pdf-parser
  pdf-reader

BUNDLED WITH
   1.17.3
